GIT
  remote: https://github.com/manastech/ruby-llvm.git
  revision: fc8638f73c69d38af2555afd213f76a06326a081
  specs:
    ruby-llvm (3.3.0.alpha)
      ffi (~> 1.7)
      rake (~> 0.9)

GIT
  remote: https://github.com/ruby-prof/ruby-prof.git
  revision: e1d1ba17e13f8ef5e24097034095ecc182d785e0
  specs:
    ruby-prof (0.13.0)

GEM
  remote: https://rubygems.org/
  specs:
    coderay (1.0.9)
    columnize (0.3.6)
    coveralls (0.7.0)
      multi_json (~> 1.3)
      rest-client
      simplecov (>= 0.7)
      term-ansicolor
      thor
    debugger (1.6.1)
      columnize (>= 0.3.1)
      debugger-linecache (~> 1.2.0)
      debugger-ruby_core_source (~> 1.2.3)
    debugger-linecache (1.2.0)
    debugger-ruby_core_source (1.2.3)
    diff-lcs (1.2.4)
    ffi (1.9.0)
    json (1.7.7)
    levenshtein-ffi (1.0.2)
      ffi
      ffi
    method_source (0.8.2)
    mime-types (1.25)
    multi_json (1.8.0)
    pry (0.9.12.2)
      coderay (~> 1.0.5)
      method_source (~> 0.8)
      slop (~> 3.4)
    pry-debugger (0.2.2)
      debugger (~> 1.3)
      pry (~> 0.9.10)
    rake (0.9.6)
    rest-client (1.6.7)
      mime-types (>= 1.16)
    rspec (2.14.1)
      rspec-core (~> 2.14.0)
      rspec-expectations (~> 2.14.0)
      rspec-mocks (~> 2.14.0)
    rspec-core (2.14.5)
    rspec-expectations (2.14.2)
      diff-lcs (>= 1.1.3, < 2.0)
    rspec-mocks (2.14.3)
    ruby-graphviz (1.0.9)
    simplecov (0.7.1)
      multi_json (~> 1.0)
      simplecov-html (~> 0.7.1)
    simplecov-html (0.7.1)
    slop (3.4.6)
    term-ansicolor (1.2.2)
      tins (~> 0.8)
    thor (0.18.1)
    tins (0.9.0)

PLATFORMS
  ruby

DEPENDENCIES
  coveralls
  json (~> 1.7.7)
  levenshtein-ffi
  pry
  pry-debugger
  rake
  rspec
  ruby-graphviz
  ruby-llvm!
  ruby-prof!
