GIT
  remote: https://github.com/manastech/ruby-llvm.git
  revision: fc8638f73c69d38af2555afd213f76a06326a081
  specs:
    ruby-llvm (3.3.0.alpha)
      ffi (~> 1.7)
      rake (~> 0.9)

GIT
  remote: https://github.com/ruby-prof/ruby-prof.git
  revision: ef0d3f5ab07590756f4367a3f54ec2680d489ca9
  specs:
    ruby-prof (0.13.0)

GEM
  remote: https://rubygems.org/
  specs:
    coderay (1.0.9)
    colorize (0.5.8)
    columnize (0.3.6)
    coveralls (0.6.7)
      colorize
      multi_json (~> 1.3)
      rest-client
      simplecov (>= 0.7)
      thor
    debugger (1.6.0)
      columnize (>= 0.3.1)
      debugger-linecache (~> 1.2.0)
      debugger-ruby_core_source (~> 1.2.1)
    debugger-linecache (1.2.0)
    debugger-ruby_core_source (1.2.3)
    diff-lcs (1.2.1)
    ffi (1.9.0)
    json (1.7.7)
    levenshtein-ffi (1.0.2)
      ffi
      ffi
    method_source (0.8.1)
    mime-types (1.23)
    multi_json (1.7.3)
    pry (0.9.12.2)
      coderay (~> 1.0.5)
      method_source (~> 0.8)
      slop (~> 3.4)
    pry-debugger (0.2.2)
      debugger (~> 1.3)
      pry (~> 0.9.10)
    rake (0.9.6)
    rest-client (1.6.7)
      mime-types (>= 1.16)
    rspec (2.13.0)
      rspec-core (~> 2.13.0)
      rspec-expectations (~> 2.13.0)
      rspec-mocks (~> 2.13.0)
    rspec-core (2.13.0)
    rspec-expectations (2.13.0)
      diff-lcs (>= 1.1.3, < 2.0)
    rspec-mocks (2.13.0)
    ruby-graphviz (1.0.8)
    simplecov (0.7.1)
      multi_json (~> 1.0)
      simplecov-html (~> 0.7.1)
    simplecov-html (0.7.1)
    slop (3.4.5)
    thor (0.18.1)

PLATFORMS
  ruby

DEPENDENCIES
  coveralls
  json (~> 1.7.7)
  levenshtein-ffi
  pry
  pry-debugger
  rake
  rspec
  ruby-graphviz
  ruby-llvm!
  ruby-prof!
  simplecov
