GEM
  remote: https://rubygems.org/
  specs:
    coderay (1.0.7)
    columnize (0.3.6)
    debugger (1.1.4)
      columnize (>= 0.3.1)
      debugger-linecache (~> 1.1.1)
      debugger-ruby_core_source (~> 1.1.3)
    debugger-linecache (1.1.2)
      debugger-ruby_core_source (>= 1.1.1)
    debugger-ruby_core_source (1.1.4)
    diff-lcs (1.1.3)
    ffi (1.1.5)
    method_source (0.8)
    pry (0.9.10)
      coderay (~> 1.0.5)
      method_source (~> 0.8)
      slop (~> 3.3.1)
    pry-debugger (0.2.0)
      debugger (~> 1.1.3)
      pry (~> 0.9.9)
    rake (0.9.2.2)
    rspec (2.11.0)
      rspec-core (~> 2.11.0)
      rspec-expectations (~> 2.11.0)
      rspec-mocks (~> 2.11.0)
    rspec-core (2.11.1)
    rspec-expectations (2.11.2)
      diff-lcs (~> 1.1.3)
    rspec-mocks (2.11.2)
    ruby-graphviz (1.0.8)
    ruby-llvm (3.1.0.beta.1)
      ffi (>= 1.0.0)
    ruby-prof (0.11.2)
    slop (3.3.3)

PLATFORMS
  ruby

DEPENDENCIES
  pry
  pry-debugger
  rake
  rspec
  ruby-graphviz
  ruby-llvm (~> 3.1.0.beta.1)
  ruby-prof
